GIT
  remote: git://github.com/FriendlyId/friendly_id.git
  revision: c49ce30ff2b370669ccf1708e99fb08ab51435d9
  branch: rails4
  specs:
    friendly_id (4.1.0.beta.2)

GIT
  remote: git://github.com/Nerian/bootstrap-datepicker-rails.git
  revision: cd3564743d9ccccde818083024fc235ae2f4d030
  specs:
    bootstrap-datepicker-rails (1.1.1.7)
      railties (>= 3.0)

GIT
  remote: git://github.com/crowdint/crowdblog.git
  revision: 09b882760b569974e18e708dd87d251d93acf754
  branch: rails4-userless
  specs:
    crowdblog (0.3.2)
      carrierwave
      colorize
      gravtastic
      jbuilder
      jquery-rails
      rails (= 4.0.0)
      redcarpet
      slim
      sprockets-rails
      state_machine

GIT
  remote: git://github.com/heroku/rails3_serve_static_assets.git
  revision: 84910ceb4ca2851d650e66d3b22f5008acf253f8
  specs:
    rails3_serve_static_assets (0.0.1)

GIT
  remote: git://github.com/heroku/rails_log_stdout.git
  revision: 01b5bcc572e3baed1618f4068920dd83bd491fb2
  specs:
    rails_log_stdout (0.0.1)

GIT
  remote: git://github.com/mariochavez/mail_form.git
  revision: e8c1e1400c52c52c767cb25938ede03a4786b8b6
  specs:
    mail_form (1.5.0)
      actionmailer (~> 4.0.0.beta)

GIT
  remote: git://github.com/sferik/twitter.git
  revision: 6bc4fedf7de82ca093061f57c921be7ed56bf986
  specs:
    twitter (4.8.1)
      faraday (~> 0.8, < 0.10)
      simple_oauth (~> 0.2)

GEM
  remote: https://rubygems.org/
  specs:
    actionmailer (4.0.0)
      actionpack (= 4.0.0)
      mail (~> 2.5.3)
    actionpack (4.0.0)
      activesupport (= 4.0.0)
      builder (~> 3.1.0)
      erubis (~> 2.7.0)
      rack (~> 1.5.2)
      rack-test (~> 0.6.2)
    activemodel (4.0.0)
      activesupport (= 4.0.0)
      builder (~> 3.1.0)
    activerecord (4.0.0)
      activemodel (= 4.0.0)
      activerecord-deprecated_finders (~> 1.0.2)
      activesupport (= 4.0.0)
      arel (~> 4.0.0)
    activerecord-deprecated_finders (1.0.3)
    activesupport (4.0.0)
      i18n (~> 0.6, >= 0.6.4)
      minitest (~> 4.2)
      multi_json (~> 1.3)
      thread_safe (~> 0.1)
      tzinfo (~> 0.3.37)
    addressable (2.3.5)
    arel (4.0.0)
    atomic (1.1.13)
    better_errors (0.9.0)
      coderay (>= 1.0.0)
      erubis (>= 2.6.6)
    bourbon (3.1.8)
      sass (>= 3.2.0)
      thor
    brakeman (2.1.1)
      erubis (~> 2.6)
      fastercsv (~> 1.5)
      haml (>= 3.0, < 5.0)
      highline (~> 1.6.19)
      multi_json (~> 1.2)
      ruby2ruby (~> 2.0.5)
      ruby_parser (~> 3.2.2)
      sass (~> 3.0)
      slim (>= 1.3.6, < 3.0)
      terminal-table (~> 1.4)
    builder (3.1.4)
    callsite (0.0.11)
    cane (2.6.0)
      parallel
    capybara (2.1.0)
      mime-types (>= 1.16)
      nokogiri (>= 1.3.3)
      rack (>= 1.0.0)
      rack-test (>= 0.5.4)
      xpath (~> 2.0)
    carrierwave (0.9.0)
      activemodel (>= 3.2.0)
      activesupport (>= 3.2.0)
      json (>= 1.7)
    coderay (1.0.9)
    coffee-rails (4.0.0)
      coffee-script (>= 2.2.0)
      railties (>= 4.0.0.beta, < 5.0)
    coffee-script (2.2.0)
      coffee-script-source
      execjs
    coffee-script-source (1.6.3)
    colorize (0.5.8)
    dalli (2.6.4)
    dotenv (0.8.0)
    erubis (2.7.0)
    exception_notification (4.0.0)
      actionmailer (>= 3.0.4)
      activesupport (>= 3.0.4)
    excon (0.25.3)
    execjs (2.0.1)
    faraday (0.8.8)
      multipart-post (~> 1.2.0)
    fastercsv (1.5.5)
    fog (1.15.0)
      builder
      excon (~> 0.25.0)
      formatador (~> 0.2.0)
      mime-types
      multi_json (~> 1.0)
      net-scp (~> 1.1)
      net-ssh (>= 2.1.3)
      nokogiri (~> 1.5)
      ruby-hmac
    font-awesome-rails (3.2.1.3)
      railties (>= 3.2, < 5.0)
    foreman (0.63.0)
      dotenv (>= 0.7)
      thor (>= 0.13.6)
    formatador (0.2.4)
    geocoder (1.1.8)
    gravatar_image_tag (1.1.3)
    gravtastic (3.2.6)
    haml (4.0.3)
      tilt
    hashie (2.0.5)
    highline (1.6.19)
    hike (1.2.3)
    httpauth (0.2.0)
    i18n (0.6.5)
    jbuilder (1.5.1)
      activesupport (>= 3.0.0)
      multi_json (>= 1.2.0)
    jquery-rails (3.0.4)
      railties (>= 3.0, < 5.0)
      thor (>= 0.14, < 2.0)
    json (1.8.0)
    jwt (0.1.8)
      multi_json (>= 1.5)
    launchy (2.3.0)
      addressable (~> 2.3)
    mail (2.5.4)
      mime-types (~> 1.16)
      treetop (~> 1.4.8)
    meta_request (0.2.8)
      callsite
      rack-contrib
      railties
    method_source (0.8.2)
    mime-types (1.24)
    mini_portile (0.5.1)
    minitest (4.7.5)
    minitest-capybara (0.1.0)
      capybara (>= 1.0)
      minitest-matchers (>= 1.2)
    minitest-colorize (0.0.5)
      minitest (>= 2.0)
    minitest-focus (1.0.0)
      minitest (~> 4.4)
    minitest-matchers (1.3.0)
      minitest (~> 4.7)
    minitest-metadata (0.4.0)
      minitest (~> 4.7)
    minitest-rails (0.9.2)
      minitest (~> 4.7)
      rails (>= 3.0)
    minitest-rails-capybara (0.9.0)
      capybara (~> 2.0)
      minitest-capybara (~> 0.1)
      minitest-matchers (~> 1.2)
      minitest-metadata (~> 0.3)
      minitest-rails (~> 0.9.1)
    multi_json (1.7.9)
    multipart-post (1.2.0)
    net-scp (1.1.2)
      net-ssh (>= 2.6.5)
    net-ssh (2.6.8)
    newrelic_rpm (3.6.6.147)
    nokogiri (1.6.0)
      mini_portile (~> 0.5.0)
    oauth2 (0.8.1)
      faraday (~> 0.8)
      httpauth (~> 0.1)
      jwt (~> 0.1.4)
      multi_json (~> 1.0)
      rack (~> 1.2)
    omniauth (1.1.4)
      hashie (>= 1.2, < 3)
      rack
    omniauth-github (1.1.1)
      omniauth (~> 1.0)
      omniauth-oauth2 (~> 1.1)
    omniauth-oauth2 (1.1.1)
      oauth2 (~> 0.8.0)
      omniauth (~> 1.0)
    parallel (0.7.1)
    pg (0.16.0)
    polyglot (0.3.3)
    pretty_formatter (0.0.2)
      activesupport (>= 3.2)
    pry (0.9.12.2)
      coderay (~> 1.0.5)
      method_source (~> 0.8)
      slop (~> 3.4)
    pry-rails (0.3.2)
      pry (>= 0.9.10)
    puma (2.5.1)
      rack (>= 1.1, < 2.0)
    rack (1.5.2)
    rack-contrib (1.1.0)
      rack (>= 0.9.1)
    rack-test (0.6.2)
      rack (>= 1.0)
    rails (4.0.0)
      actionmailer (= 4.0.0)
      actionpack (= 4.0.0)
      activerecord (= 4.0.0)
      activesupport (= 4.0.0)
      bundler (>= 1.3.0, < 2.0)
      railties (= 4.0.0)
      sprockets-rails (~> 2.0.0)
    railties (4.0.0)
      actionpack (= 4.0.0)
      activesupport (= 4.0.0)
      rake (>= 0.8.7)
      thor (>= 0.18.1, < 2.0)
    rake (10.1.0)
    redcarpet (3.0.0)
    ruby-hmac (0.4.0)
    ruby2ruby (2.0.6)
      ruby_parser (~> 3.1)
      sexp_processor (~> 4.0)
    ruby_parser (3.2.2)
      sexp_processor (~> 4.1)
    sass (3.2.10)
    sass-rails (4.0.0)
      railties (>= 4.0.0.beta, < 5.0)
      sass (>= 3.1.10)
      sprockets-rails (~> 2.0.0)
    sexp_processor (4.3.0)
    simple_oauth (0.2.0)
    slim (2.0.1)
      temple (~> 0.6.6)
      tilt (>= 1.3.3, < 2.1)
    slop (3.4.6)
    sprockets (2.10.0)
      hike (~> 1.2)
      multi_json (~> 1.0)
      rack (~> 1.0)
      tilt (~> 1.1, != 1.3.0)
    sprockets-rails (2.0.0)
      actionpack (>= 3.0)
      activesupport (>= 3.0)
      sprockets (~> 2.8)
    state_machine (1.2.0)
    temple (0.6.6)
    terminal-table (1.4.5)
    thor (0.18.1)
    thread_safe (0.1.2)
      atomic
    tilt (1.4.1)
    treetop (1.4.15)
      polyglot
      polyglot (>= 0.3.1)
    turbolinks (1.3.0)
      coffee-rails
    tzinfo (0.3.37)
    uglifier (2.2.0)
      execjs (>= 0.3.0)
      multi_json (~> 1.0, >= 1.0.2)
    warden (1.2.3)
      rack (>= 1.0)
    xpath (2.0.0)
      nokogiri (~> 1.3)

PLATFORMS
  ruby

DEPENDENCIES
  better_errors
  bootstrap-datepicker-rails!
  bourbon
  brakeman
  cane
  coffee-rails (~> 4.0.0)
  crowdblog!
  dalli
  exception_notification (~> 4.0.0.rc1)
  fog
  font-awesome-rails
  foreman
  friendly_id!
  geocoder
  gravatar_image_tag
  jquery-rails
  launchy
  mail_form!
  meta_request
  minitest-capybara (= 0.1.0)
  minitest-colorize
  minitest-focus
  minitest-rails
  minitest-rails-capybara
  newrelic_rpm
  omniauth-github
  pg
  pretty_formatter
  pry-rails
  puma
  rails (= 4.0.0)
  rails3_serve_static_assets!
  rails_log_stdout!
  sass-rails (~> 4.0.0)
  turbolinks
  twitter!
  uglifier (>= 1.0.3)
  warden (~> 1.2.1)
